GEM
  remote: http://rubygems.org/
  specs:
    activemodel (3.2.3)
      activesupport (= 3.2.3)
      builder (~> 3.0.0)
    activerecord (3.2.3)
      activemodel (= 3.2.3)
      activesupport (= 3.2.3)
      arel (~> 3.0.2)
      tzinfo (~> 0.3.29)
    activesupport (3.2.3)
      i18n (~> 0.6)
      multi_json (~> 1.0)
    addressable (2.3.2)
    arel (3.0.2)
    builder (3.0.0)
    columnize (0.3.6)
    composite_primary_keys (5.0.6)
      activerecord (~> 3.2.0)
    debugger (1.2.0)
      columnize (>= 0.3.1)
      debugger-linecache (~> 1.1.1)
      debugger-ruby_core_source (~> 1.1.3)
    debugger-linecache (1.1.2)
      debugger-ruby_core_source (>= 1.1.1)
    debugger-ruby_core_source (1.1.3)
    diff-lcs (1.1.3)
    domain_name (0.5.20190701)
      unf (>= 0.0.5, < 1.0.0)
    http-cookie (1.0.3)
      domain_name (~> 0.5)
    i18n (0.6.0)
    mime-types (2.99.3)
    multi_json (1.3.5)
    mysql2 (0.3.11)
    netrc (0.11.0)
    perftools.rb (2.0.0)
    posix-spawn (0.3.6)
    rake (0.9.2.2)
    rdp-ruby-prof (0.7.4)
    rest-client (1.8.0)
      http-cookie (>= 1.0.2, < 2.0)
      mime-types (>= 1.16, < 3.0)
      netrc (~> 0.7)
    rspec (2.10.0)
      rspec-core (~> 2.10.0)
      rspec-expectations (~> 2.10.0)
      rspec-mocks (~> 2.10.0)
    rspec-core (2.10.1)
    rspec-expectations (2.10.0)
      diff-lcs (~> 1.1.3)
    rspec-mocks (2.10.1)
    tzinfo (0.3.33)
    unf (0.1.4)
      unf_ext
    unf_ext (0.0.7.6)
    unicode_utils (1.3.0)

PLATFORMS
  ruby

DEPENDENCIES
  activerecord (~> 3.2.3)
  addressable
  composite_primary_keys (>= 4.0.0)
  debugger
  mysql2
  perftools.rb
  posix-spawn
  rake
  rdp-ruby-prof
  rest-client
  rspec
  unicode_utils
