GEM
  remote: http://rubygems.org/
  specs:
    activemodel (3.2.3)
      activesupport (= 3.2.3)
      builder (~> 3.0.0)
    activerecord (3.2.3)
      activemodel (= 3.2.3)
      activesupport (= 3.2.3)
      arel (~> 3.0.2)
      tzinfo (~> 0.3.29)
    activesupport (3.2.3)
      i18n (~> 0.6)
      multi_json (~> 1.0)
    addressable (2.3.2)
    arel (3.0.2)
    builder (3.0.0)
    byebug (9.0.6)
    composite_primary_keys (5.0.6)
      activerecord (~> 3.2.0)
    diff-lcs (1.1.3)
    i18n (0.6.0)
    mime-types (1.18)
    multi_json (1.3.5)
    mysql2 (0.3.11)
    posix-spawn (0.3.6)
    rake (0.9.2.2)
    rest-client (1.6.7)
      mime-types (>= 1.16)
    rspec (2.10.0)
      rspec-core (~> 2.10.0)
      rspec-expectations (~> 2.10.0)
      rspec-mocks (~> 2.10.0)
    rspec-core (2.10.1)
    rspec-expectations (2.10.0)
      diff-lcs (~> 1.1.3)
    rspec-mocks (2.10.1)
    tzinfo (0.3.33)
    unicode_utils (1.3.0)

PLATFORMS
  ruby

DEPENDENCIES
  activerecord (~> 3.2.3)
  addressable
  byebug
  composite_primary_keys (>= 4.0.0)
  mysql2
  posix-spawn
  rake
  rest-client
  rspec
  unicode_utils

BUNDLED WITH
   1.15.3
